GEM
  remote: https://rubygems.org/
  specs:
    memory_profiler (0.9.6)

PLATFORMS
  ruby

DEPENDENCIES
  memory_profiler

BUNDLED WITH
   1.12.3
